GEM
  remote: https://rubygems.org/
  specs:
    bootstrap-sass (3.1.1.1)
      sass (~> 3.2)
    chunky_png (1.3.11)
    compass (0.12.5)
      chunky_png (~> 1.2)
      fssm (>= 0.2.7)
      sass (~> 3.2.19)
    fssm (0.2.10)
    sass (3.2.19)

PLATFORMS
  ruby

DEPENDENCIES
  bootstrap-sass (~> 3.1.1)
  compass (= 0.12.5)
  sass (= 3.2.19)

BUNDLED WITH
   1.16.1
